GEM
  remote: https://rubygems.org/
  specs:
    airbrussh (1.4.0)
      sshkit (>= 1.6.1, != 1.7.0)
    bcrypt_pbkdf (1.0.1)
    capistrano (3.14.0)
      airbrussh (>= 1.0.0)
      i18n
      rake (>= 10.0.0)
      sshkit (>= 1.9.0)
    concurrent-ruby (1.1.6)
    ed25519 (1.2.4)
    eml_to_pdf (0.4.1)
      filesize (~> 0.1.1)
      mail (~> 2.5, >= 2.5.4)
      nokogiri (~> 1.7)
    filesize (0.1.1)
    i18n (1.8.2)
      concurrent-ruby (~> 1.0)
    mail (2.7.1)
      mini_mime (>= 0.1.1)
    mini_mime (1.0.2)
    mini_portile2 (2.4.0)
    net-scp (3.0.0)
      net-ssh (>= 2.6.5, < 7.0.0)
    net-ssh (6.0.2)
    nokogiri (1.10.9)
      mini_portile2 (~> 2.4.0)
    rake (13.0.1)
    sshkit (1.21.0)
      net-scp (>= 1.1.2)
      net-ssh (>= 2.8.0)

PLATFORMS
  ruby

DEPENDENCIES
  bcrypt_pbkdf
  capistrano
  ed25519
  eml_to_pdf

BUNDLED WITH
   1.17.2
